GEM
  remote: http://rubygems.org/
  specs:

PLATFORMS
  x86_64-darwin-19

DEPENDENCIES

BUNDLED WITH
   2.2.33
